GEM
  remote: https://rubygems.org/
  specs:
    coderay (1.1.0)
    ffi (1.1.5)
    levenshtein-ffi (1.0.3)
      ffi
      ffi (~> 1.1.5)
    method_source (0.8.2)
    pry (0.9.12.6)
      coderay (~> 1.0)
      method_source (~> 0.8)
      slop (~> 3.4)
    pry-nav (0.2.3)
      pry (~> 0.9.10)
    require_all (1.3.2)
    slop (3.5.0)
    thor (0.19.1)

PLATFORMS
  ruby

DEPENDENCIES
  levenshtein-ffi (~> 1.0.3)
  pry
  pry-nav
  require_all
  thor (~> 0.19.1)
